GEM
  remote: https://rubygems.org/
  specs:
    activemodel (5.0.0.1)
      activesupport (= 5.0.0.1)
    activesupport (5.0.0.1)
      concurrent-ruby (~> 1.0, >= 1.0.2)
      i18n (~> 0.7)
      minitest (~> 5.1)
      tzinfo (~> 1.1)
    bigdecimal (1.2.7)
    concurrent-ruby (1.0.5)
    deep_dive (0.3.5)
      json (~> 2.0, >= 2.0.2)
    diff-lcs (1.3)
    factory_girl (4.7.0)
      activesupport (>= 3.0.0)
    i18n (0.8.6)
    json (2.1.0)
    minitest (5.10.3)
    rspec (3.6.0)
      rspec-core (~> 3.6.0)
      rspec-expectations (~> 3.6.0)
      rspec-mocks (~> 3.6.0)
    rspec-core (3.6.0)
      rspec-support (~> 3.6.0)
    rspec-expectations (3.6.0)
      diff-lcs (>= 1.2.0, < 2.0)
      rspec-support (~> 3.6.0)
    rspec-mocks (3.6.0)
      diff-lcs (>= 1.2.0, < 2.0)
      rspec-support (~> 3.6.0)
    rspec-support (3.6.0)
    thread_safe (0.3.6)
    to_regexp (0.2.1)
    tzinfo (1.2.3)
      thread_safe (~> 0.1)

PLATFORMS
  ruby

DEPENDENCIES
  activemodel (~> 5.0.0.1)
  bigdecimal (~> 1.2.7)
  deep_dive (~> 0.3.4)
  factory_girl (~> 4.7.0)
  rspec (~> 3.6.0.beta1)
  to_regexp

RUBY VERSION
   ruby 2.4.1p111

BUNDLED WITH
   1.15.4
