GEM
  remote: https://rubygems.org/
  specs:

PLATFORMS
  ruby

DEPENDENCIES

RUBY VERSION
   ruby 2.3.0p0

BUNDLED WITH
   1.13.1
